PATH
  remote: .
  specs:
    ripdiko (0.2.0)
      nokogiri

GEM
  specs:
    nokogiri (1.5.6)

PLATFORMS
  ruby

DEPENDENCIES
  ripdiko!
